GEM
  remote: https://rubygems.org/
  specs:
    ast (2.4.3)
    bcrypt (3.1.20)
    bigdecimal (3.2.3)
    coderay (1.1.3)
    daemons (1.4.1)
    diff-lcs (1.6.2)
    eventmachine (1.2.7)
    ffi (1.17.2-x64-mingw-ucrt)
    json (2.15.0)
    language_server-protocol (3.17.0.5)
    listen (3.9.0)
      rb-fsevent (~> 0.10, >= 0.10.3)
      rb-inotify (~> 0.9, >= 0.9.10)
    method_source (1.1.0)
    mustermann (3.0.4)
      ruby2_keywords (~> 0.0.1)
    nio4r (2.7.4)
    parallel (1.27.0)
    parser (3.3.9.0)
      ast (~> 2.4.1)
      racc
    prism (1.5.1)
    pry (0.14.2)
      coderay (~> 1.1)
      method_source (~> 1.0)
    puma (6.4.3)
      nio4r (~> 2.0)
    racc (1.8.1)
    rack (2.2.17)
    rack-flash3 (1.0.5)
      rack
    rack-protection (3.0.6)
      rack
    rack-test (2.1.0)
      rack (>= 1.3)
    rainbow (3.1.1)
    rb-fsevent (0.11.2)
    rb-inotify (0.11.1)
      ffi (~> 1.0)
    regexp_parser (2.11.3)
    rerun (0.14.0)
      listen (~> 3.0)
    rexml (3.4.4)
    rspec (3.12.0)
      rspec-core (~> 3.12.0)
      rspec-expectations (~> 3.12.0)
      rspec-mocks (~> 3.12.0)
    rspec-core (3.12.3)
      rspec-support (~> 3.12.0)
    rspec-expectations (3.12.4)
      diff-lcs (>= 1.2.0, < 2.0)
      rspec-support (~> 3.12.0)
    rspec-mocks (3.12.7)
      diff-lcs (>= 1.2.0, < 2.0)
      rspec-support (~> 3.12.0)
    rspec-support (3.12.2)
    rubocop (1.57.2)
      json (~> 2.3)
      language_server-protocol (>= 3.17.0)
      parallel (~> 1.10)
      parser (>= 3.2.2.4)
      rainbow (>= 2.2.2, < 4.0)
      regexp_parser (>= 1.8, < 3.0)
      rexml (>= 3.2.5, < 4.0)
      rubocop-ast (>= 1.28.1, < 2.0)
      ruby-progressbar (~> 1.7)
      unicode-display_width (>= 2.4.0, < 3.0)
    rubocop-ast (1.47.1)
      parser (>= 3.3.7.2)
      prism (~> 1.4)
    ruby-progressbar (1.13.0)
    ruby2_keywords (0.0.5)
    sequel (5.75.0)
      bigdecimal
    sinatra (3.0.6)
      mustermann (~> 3.0)
      rack (~> 2.2, >= 2.2.4)
      rack-protection (= 3.0.6)
      tilt (~> 2.0)
    sqlite3 (1.7.3-x64-mingw-ucrt)
    thin (1.8.2)
      daemons (~> 1.0, >= 1.0.9)
      eventmachine (~> 1.0, >= 1.0.4)
      rack (>= 1, < 3)
    tilt (2.6.1)
    unicode-display_width (2.6.0)

PLATFORMS
  x64-mingw-ucrt

DEPENDENCIES
  bcrypt (~> 3.1.20)
  pry (~> 0.14.0)
  puma (~> 6.4.0)
  rack (~> 2.2.0)
  rack-flash3 (~> 1.0.0)
  rack-test (~> 2.1.0)
  rerun (~> 0.14.0)
  rspec (~> 3.12.0)
  rubocop (~> 1.57.0)
  sequel (~> 5.75.0)
  sinatra (~> 3.0.0)
  sqlite3 (~> 1.7.0)
  thin (~> 1.8.0)

RUBY VERSION
   ruby 3.2.9p265

BUNDLED WITH
   2.7.2
